GIT
  remote: git://github.com/jbasdf/linkedin.git
  revision: 7b305ad62fc101666dd3e424969f0d3c59a693fd
  specs:
    linkedin (0.1.8)
      crack (~> 0.1.4)
      oauth (>= 0.4.0)
      roxml (~> 3.1.3)

GEM
  remote: http://rubygems.org/
  specs:
    GeoRuby (1.3.4)
    aasm (2.1.5)
    actionmailer (2.3.5)
      actionpack (= 2.3.5)
    actionpack (2.3.5)
      activesupport (= 2.3.5)
      rack (~> 1.0.0)
    activerecord (2.3.5)
      activesupport (= 2.3.5)
    activeresource (2.3.5)
      activesupport (= 2.3.5)
    activesupport (2.3.5)
    acts-as-taggable-on (2.0.6)
    agree2 (0.2.0)
      activesupport (>= 2.0.2)
      json (>= 1.1.3)
      oauth (>= 0.3.5)
    authlogic (2.1.3)
      activesupport
    awesome_nested_set (1.4.3)
      activerecord (>= 1.1)
    aws-s3 (0.6.2)
      builder
      mime-types
      xml-simple
    babelphish (0.2.8)
      ya2yaml
    bcrypt-ruby (2.1.2)
    builder (2.1.2)
    columnize (0.3.1)
    contacts (1.2.4)
      gdata (= 1.1.1)
      json (>= 0.4.1)
    crack (0.1.6)
    cucumber (0.8.5)
      builder (~> 2.1.2)
      diff-lcs (~> 1.1.2)
      gherkin (~> 2.1.4)
      json_pure (~> 1.4.3)
      term-ansicolor (~> 1.0.4)
    curb (0.7.8)
    diff-lcs (1.1.2)
    disguise (0.4.0)
    factory_girl (1.3.2)
    feedzirra (0.0.23)
      activesupport (>= 2.0.0)
      builder (>= 2.1.2)
      curb (>= 0.2.3)
      loofah (>= 0.3.1)
      nokogiri (> 0.0.0)
      sax-machine (>= 0.0.12)
    fireeagle (0.8.0.1)
      GeoRuby (>= 1.3.2)
      happymapper (>= 0.2.1)
      oauth (>= 0.3.1)
    fleakr (0.6.3)
      activesupport (>= 2.0)
      hpricot (>= 0.6.164)
      loggable (>= 0.2.0)
    friendly_id (3.0.4)
      activerecord (>= 2.2)
      activesupport (>= 2.2)
    gdata (1.1.1)
    geokit (1.5.0)
    gherkin (2.1.5)
      trollop (~> 1.16.2)
    git (1.2.5)
    happymapper (0.3.2)
      libxml-ruby (~> 1.1.3)
    hashie (0.2.2)
    hoptoad_notifier (2.2.2)
      activesupport
    hpricot (0.8.2)
    httparty (0.5.2)
      crack (= 0.1.6)
    json (1.4.6)
    json_pure (1.4.6)
    libxml-ruby (1.1.4)
    linecache (0.43)
    loggable (0.3.0)
    loofah (0.4.7)
      nokogiri (>= 1.3.3)
    mime-types (1.16)
    mocha (0.9.8)
      rake
    muck-activities (0.1.27)
      muck-comments
      muck-engine
      muck-users
    muck-blogs (0.1.8)
      muck-contents
      muck-engine
      muck-users
    muck-comments (0.1.20)
      awesome_nested_set
      muck-engine
      muck-users
      sanitize
    muck-contents (0.2.27)
      acts-as-taggable-on
      awesome_nested_set
      fleakr
      friendly_id
      muck-comments
      muck-engine
      muck-users
      sanitize
      tiny_mce
      uploader
    muck-engine (0.4.30)
      git
      overlord
      validation_reflection
      will_paginate
    muck-feedbag (0.6.0)
    muck-friends (0.1.17)
      muck-engine
      muck-profiles
      muck-users
    muck-invites (0.1.12)
      contacts
      muck-engine
    muck-oauth (0.2.4)
      agree2
      fireeagle
      linkedin (~> 0.1.2)
      muck-engine
      muck-users
      oauth (>= 0.3.6)
      oauth-plugin (~> 0.3.14)
      overlord
      portablecontacts (>= 0.1.0)
      twitter (~> 0.9.5)
    muck-profiles (0.2.1)
      geokit
      muck-engine
      muck-raker
      muck-shares
      muck-solr
      muck-users
      paperclip
      sanitize
      uploader
    muck-raker (0.3.18)
    muck-services (0.1.46)
      acts-as-taggable-on
      feedzirra
      httparty
      muck-comments
      muck-engine
      muck-feedbag
      muck-users
      nokogiri
      overlord
      river
      will_paginate
    muck-shares (0.1.8)
      muck-activities
      muck-comments
      muck-engine
      muck-users
    muck-solr (0.4.7)
    muck-users (0.3.19)
      authlogic
      bcrypt-ruby
      friendly_id
      muck-engine
      searchlogic
    mysql (2.8.1)
    newrelic_rpm (2.13.1)
    nokogiri (1.4.3.1)
    oauth (0.4.0)
    oauth-plugin (0.3.14)
      oauth (>= 0.3.5)
    overlord (0.1.22)
      httparty
    paperclip (2.3.1.1)
    polyglot (0.3.1)
    portablecontacts (0.1.0)
      json
      oauth (>= 0.3.6)
    rack (1.0.1)
    rack-test (0.5.4)
      rack (>= 1.0)
    rails (2.3.5)
      actionmailer (= 2.3.5)
      actionpack (= 2.3.5)
      activerecord (= 2.3.5)
      activeresource (= 2.3.5)
      activesupport (= 2.3.5)
      rake (>= 0.8.3)
    rake (0.8.7)
    rcov (0.9.9)
    recaptcha (0.2.3)
    redgreen (1.2.2)
    river (0.1.0)
    roxml (3.1.5)
      activesupport (>= 2.3.0)
      nokogiri (>= 1.3.3)
    ruby-debug (0.10.3)
      columnize (>= 0.1)
      ruby-debug-base (~> 0.10.3.0)
    ruby-debug-base (0.10.3)
      linecache (>= 0.3)
    sanitize (1.2.1)
      nokogiri (~> 1.4.1)
    sax-machine (0.0.15)
      nokogiri (> 0.0.0)
    searchlogic (2.4.19)
      activerecord (>= 2.0.0)
    shoulda (2.11.3)
    term-ansicolor (1.0.5)
    tiny_mce (0.1.4)
    treetop (1.4.8)
      polyglot (>= 0.3.1)
    trollop (1.16.2)
    twitter (0.9.5)
      hashie (~> 0.2.0)
      httparty (~> 0.5.0)
      oauth (>= 0.3.5)
      yajl-ruby (~> 0.7.0)
    uploader (2.0.2)
      aws-s3
      mime-types
      paperclip
      rack
    validation_reflection (0.3.8)
    webrat (0.7.1)
      nokogiri (>= 1.2.0)
      rack (>= 1.0)
      rack-test (>= 0.5.3)
    will_paginate (2.3.11)
    xml-simple (1.0.12)
    ya2yaml (0.30)
    yajl-ruby (0.7.7)

PLATFORMS
  ruby

DEPENDENCIES
  aasm (= 2.1.5)
  acts-as-taggable-on (= 2.0.6)
  agree2 (= 0.2.0)
  authlogic (= 2.1.3)
  awesome_nested_set (= 1.4.3)
  aws-s3
  babelphish
  bcrypt-ruby (= 2.1.2)
  cucumber (>= 0.1.13)
  disguise (= 0.4.0)
  factory_girl
  feedzirra
  friendly_id (= 3.0.4)
  geokit (= 1.5.0)
  hoptoad_notifier (= 2.2.2)
  httparty
  linkedin (= 0.1.8)!
  mocha (>= 0.9.8)
  muck-activities (= 0.1.27)
  muck-blogs (= 0.1.8)
  muck-comments (= 0.1.20)
  muck-contents (= 0.2.27)
  muck-engine (= 0.4.30)
  muck-feedbag
  muck-friends (= 0.1.17)
  muck-invites (= 0.1.12)
  muck-oauth (= 0.2.4)
  muck-profiles (= 0.2.1)
  muck-raker (= 0.3.18)
  muck-services (= 0.1.46)
  muck-shares (= 0.1.8)
  muck-solr (= 0.4.7)
  muck-users (= 0.3.19)
  mysql
  newrelic_rpm
  oauth (= 0.4.0)
  oauth-plugin (= 0.3.14)
  overlord (= 0.1.22)
  paperclip (= 2.3.1.1)
  polyglot (>= 0.2.4)
  portablecontacts (= 0.1.0)
  rails (= 2.3.5)
  rcov (>= 0.8.1.2.0)
  recaptcha
  redgreen
  river (= 0.1.0)
  ruby-debug
  sanitize (= 1.2.1)
  searchlogic (= 2.4.19)
  shoulda
  term-ansicolor (>= 1.0.3)
  tiny_mce
  treetop (>= 1.2.4)
  twitter (= 0.9.5)
  uploader (= 2.0.2)
  webrat (>= 0.4.4)
  will_paginate (= 2.3.11)
